GEM
  remote: http://rubygems.org/
  remote: http://gems.github.com/
  specs:
    aasm (2.1.5)
    actionmailer (2.3.8)
      actionpack (= 2.3.8)
    actionpack (2.3.8)
      activesupport (= 2.3.8)
      rack (~> 1.1.0)
    activerecord (2.3.8)
      activesupport (= 2.3.8)
    activeresource (2.3.8)
      activesupport (= 2.3.8)
    activesupport (2.3.8)
    builder (2.1.2)
    columnize (0.3.1)
    cucumber (0.7.3)
      builder (>= 2.1.2)
      diff-lcs (>= 1.1.2)
      gherkin (>= 1.0.27)
      json_pure (>= 1.2.4)
      term-ansicolor (>= 1.0.4)
    cucumber-rails (0.3.1)
      cucumber (>= 0.7.2)
    database_cleaner (0.5.2)
    diff-lcs (1.1.2)
    factory_girl (1.3.2)
    gherkin (1.0.30)
      trollop (>= 1.16.2)
    json_pure (1.4.6)
    linecache (0.43)
    mysql (2.8.1)
    nokogiri (1.4.3.1)
    rack (1.1.0)
    rack-test (0.5.6)
      rack (>= 1.0)
    rails (2.3.8)
      actionmailer (= 2.3.8)
      actionpack (= 2.3.8)
      activerecord (= 2.3.8)
      activeresource (= 2.3.8)
      activesupport (= 2.3.8)
      rake (>= 0.8.3)
    rake (0.8.7)
    rspec (1.3.1)
    rspec-rails (1.3.2)
      rack (>= 1.0.0)
      rspec (>= 1.3.0)
    ruby-debug (0.10.3)
      columnize (>= 0.1)
      ruby-debug-base (~> 0.10.3.0)
    ruby-debug-base (0.10.3)
      linecache (>= 0.3)
    term-ansicolor (1.0.5)
    trollop (1.16.2)
    unicorn (1.1.4)
      rack
    webrat (0.7.0)
      nokogiri (>= 1.2.0)
      rack (>= 1.0)
      rack-test (>= 0.5.3)

PLATFORMS
  ruby

DEPENDENCIES
  aasm (= 2.1.5)
  cucumber (~> 0.7.3)
  cucumber-rails (~> 0.3.1)
  database_cleaner (~> 0.5.0)
  factory_girl (= 1.3.2)
  gherkin (~> 1.0.30)
  mysql (= 2.8.1)
  rack (= 1.1.0)
  rails (= 2.3.8)
  rspec (= 1.3.1)
  rspec-rails (= 1.3.2)
  ruby-debug (= 0.10.3)
  unicorn
  webrat (= 0.7.0)
